GEM
  remote: http://rubygems.org/
  specs:
    binding_of_caller (0.6.8)
    coderay (1.0.8)
    method_source (0.8.1)
    micro_mock (0.1.1)
    micro_test (0.3.2)
      os
    os (0.9.6)
    pry (0.9.10)
      coderay (~> 1.0.5)
      method_source (~> 0.8)
      slop (~> 3.3.1)
    pry (0.9.10-java)
      coderay (~> 1.0.5)
      method_source (~> 0.8)
      slop (~> 3.3.1)
      spoon (~> 0.0)
    pry-stack_explorer (0.4.7)
      binding_of_caller (~> 0.6.8)
    slop (3.3.3)
    spoon (0.0.1)

PLATFORMS
  java
  ruby

DEPENDENCIES
  micro_mock
  micro_test
  pry
  pry-stack_explorer
